GEM
  remote: https://rubygems.org/
  specs:
    CFPropertyList (2.0.17)
      libxml-ruby (>= 1.1.0)
      rake (>= 0.7.0)
    coffee-script (2.2.0)
      coffee-script-source
      execjs
    coffee-script-source (1.6.1)
    daemons (1.1.9)
    eventmachine (1.0.3)
    execjs (1.4.0)
      multi_json (~> 1.0)
    haml (4.0.0)
      tilt
    haml_coffee_assets (1.11.1)
      coffee-script (>= 1.0.0)
      sprockets (>= 2.0.3)
      tilt (>= 1.3.3)
    hike (1.2.1)
    jasmine-core (1.3.1)
    jasmine-headless-webkit (0.8.4)
      coffee-script
      jasmine-core (~> 1.1)
      multi_json
      rainbow
      sprockets (~> 2)
    json (1.4.6)
    libxml-ruby (2.6.0)
    macaddr (1.6.1)
      systemu (~> 2.5.0)
    mime-types (1.21)
    multi_json (1.7.1)
    rack (1.5.2)
    rack-protection (1.5.0)
      rack
    rainbow (1.1.4)
    rake (10.0.3)
    redis (3.0.3)
    rest-client (1.6.7)
      mime-types (>= 1.16)
    sass (3.2.7)
    sinatra (1.4.1)
      rack (~> 1.5, >= 1.5.2)
      rack-protection (~> 1.4)
      tilt (~> 1.3, >= 1.3.4)
    sprockets (2.9.0)
      hike (~> 1.2)
      multi_json (~> 1.0)
      rack (~> 1.0)
      tilt (~> 1.1, != 1.3.0)
    sprockets-cache-redis (0.0.3)
    sprockets-helpers (0.9.1)
      sprockets (~> 2.0)
    systemu (2.5.2)
    thin (1.5.1)
      daemons (>= 1.0.9)
      eventmachine (>= 0.12.6)
      rack (>= 1.0.0)
    tilt (1.3.6)
    uuid (2.3.7)
      macaddr (~> 1.0)
    zake (0.1.3)
      CFPropertyList (~> 2.0.0)
      json (~> 1.4.6)
      rest-client (~> 1.6.1)
      uuid (~> 2.3.1)

PLATFORMS
  ruby

DEPENDENCIES
  execjs
  haml
  haml_coffee_assets
  jasmine-headless-webkit
  rake
  redis
  sass
  sinatra
  sprockets
  sprockets-cache-redis
  sprockets-helpers
  thin
  zake
